PATH
  remote: .
  specs:
    postgres_to_redshift (0.7.2)
      aws-sdk (~> 2.11)
      pg (>= 0.18.1)
      pidfile

GEM
  remote: https://rubygems.org/
  specs:
    ast (2.4.0)
    aws-eventstream (1.1.0)
    aws-sdk (2.11.553)
      aws-sdk-resources (= 2.11.553)
    aws-sdk-core (2.11.553)
      aws-sigv4 (~> 1.0)
      jmespath (~> 1.0)
    aws-sdk-resources (2.11.553)
      aws-sdk-core (= 2.11.553)
    aws-sigv4 (1.2.1)
      aws-eventstream (~> 1, >= 1.0.2)
    coderay (1.1.2)
    diff-lcs (1.2.5)
    jaro_winkler (1.5.2)
    jmespath (1.4.0)
    method_source (0.9.2)
    parallel (1.15.0)
    parser (2.6.2.0)
      ast (~> 2.4.0)
    pg (1.2.3)
    pidfile (0.3.0)
    pry (0.12.2)
      coderay (~> 1.1.0)
      method_source (~> 0.9.0)
    psych (3.1.0)
    rainbow (3.0.0)
    rake (10.4.2)
    rspec (3.2.0)
      rspec-core (~> 3.2.0)
      rspec-expectations (~> 3.2.0)
      rspec-mocks (~> 3.2.0)
    rspec-core (3.2.0)
      rspec-support (~> 3.2.0)
    rspec-expectations (3.2.0)
      diff-lcs (>= 1.2.0, < 2.0)
      rspec-support (~> 3.2.0)
    rspec-mocks (3.2.0)
      diff-lcs (>= 1.2.0, < 2.0)
      rspec-support (~> 3.2.0)
    rspec-support (3.2.1)
    rubocop (0.66.0)
      jaro_winkler (~> 1.5.1)
      parallel (~> 1.10)
      parser (>= 2.5, != 2.5.1.1)
      psych (>= 3.1.0)
      rainbow (>= 2.2.2, < 4.0)
      ruby-progressbar (~> 1.7)
      unicode-display_width (>= 1.4.0, < 1.6)
    ruby-progressbar (1.10.0)
    unicode-display_width (1.5.0)

PLATFORMS
  ruby

DEPENDENCIES
  bundler (~> 1.6)
  postgres_to_redshift!
  pry (~> 0.12.2)
  rake
  rspec
  rubocop (~> 0.66)

BUNDLED WITH
   1.17.3
